GEM
  remote: https://rubygems.org/
  specs:
    activesupport (5.2.0)
      concurrent-ruby (~> 1.0, >= 1.0.2)
      i18n (>= 0.7, < 2)
      minitest (~> 5.1)
      tzinfo (~> 1.1)
    awesome_print (1.8.0)
    bond (0.5.1)
    bootsnap (1.3.0)
      msgpack (~> 1.0)
    bson (4.3.0)
    clipboard (1.1.1)
    coderay (1.1.2)
    concurrent-ruby (1.0.5)
    equatable (0.5.0)
    gli (2.17.1)
    hirb (0.7.3)
    i18n (1.0.1)
      concurrent-ruby (~> 1.0)
    light-service (0.10.3)
      activesupport (>= 3.0)
    looksee (4.0.0)
    method_source (0.9.0)
    minitest (5.11.3)
    mongo (2.5.3)
      bson (>= 4.3.0, < 5.0.0)
    msgpack (1.2.4)
    oj (3.6.0)
    ox (2.9.2)
    pastel (0.7.2)
      equatable (~> 0.5.0)
      tty-color (~> 0.4.0)
    pry (0.11.3)
      coderay (~> 1.1.0)
      method_source (~> 0.9.0)
    pry-bond (0.0.1)
      bond (~> 0.5)
      rb-readline (~> 0.5)
    pry-clipboard (0.1.1)
      clipboard
      pry
    rb-readline (0.5.5)
    rcsv (0.3.1)
    settingslogic (2.0.9)
    thread_safe (0.3.6)
    tty-color (0.4.2)
    tzinfo (1.2.5)
      thread_safe (~> 0.1)

PLATFORMS
  ruby

DEPENDENCIES
  activesupport
  awesome_print
  bootsnap
  gli
  hirb
  light-service
  looksee
  mongo
  oj
  ox
  pastel
  pry
  pry-bond
  pry-clipboard
  rcsv
  settingslogic

BUNDLED WITH
   1.16.1
