GEM
  remote: https://rubygems.org/
  specs:
    activesupport (5.2.3)
      concurrent-ruby (~> 1.0, >= 1.0.2)
      i18n (>= 0.7, < 2)
      minitest (~> 5.1)
      tzinfo (~> 1.1)
    ast (2.4.0)
    awesome_print (1.8.0)
    bond (0.5.1)
    bson (4.4.2)
    byebug (11.0.1)
    clipboard (1.3.3)
    coderay (1.1.2)
    colorize (0.8.1)
    concurrent-ruby (1.1.5)
    equatable (0.5.0)
    et-orbi (1.2.1)
      tzinfo
    ffi (1.10.0)
    fugit (1.2.1)
      et-orbi (~> 1.1, >= 1.1.8)
      raabro (~> 1.1)
    gli (2.18.0)
    hirb (0.7.3)
    i18n (1.6.0)
      concurrent-ruby (~> 1.0)
    jaro_winkler (1.5.2)
    light-service (0.11.0)
      activesupport (>= 3.0)
    looksee (4.1.0)
    method_source (0.9.2)
    minitest (5.11.3)
    mongo (2.8.0)
      bson (>= 4.4.2, < 5.0.0)
    oj (3.7.12)
    ox (2.10.0)
    parallel (1.17.0)
    parser (2.6.3.0)
      ast (~> 2.4.0)
    pastel (0.7.2)
      equatable (~> 0.5.0)
      tty-color (~> 0.4.0)
    pry (0.12.2)
      coderay (~> 1.1.0)
      method_source (~> 0.9.0)
    pry-bond (0.0.1)
      bond (~> 0.5)
      rb-readline (~> 0.5)
    pry-byebug (3.7.0)
      byebug (~> 11.0)
      pry (~> 0.10)
    pry-clipboard (0.1.1)
      clipboard
      pry
    pry-state (0.1.10)
      pry (~> 0.12.2, >= 0.9.10)
    raabro (1.1.6)
    rainbow (3.0.0)
    rb-readline (0.5.5)
    rcsv (0.3.1)
    rubocop (0.70.0)
      jaro_winkler (~> 1.5.1)
      parallel (~> 1.10)
      parser (>= 2.6)
      rainbow (>= 2.2.2, < 4.0)
      ruby-progressbar (~> 1.7)
      unicode-display_width (>= 1.4.0, < 1.7)
    rubocop-performance (1.3.0)
      rubocop (>= 0.68.0)
    ruby-progressbar (1.10.0)
    rufo (0.7.0)
    rufus-scheduler (3.6.0)
      fugit (~> 1.1, >= 1.1.6)
    settingslogic (2.0.9)
    thread_safe (0.3.6)
    tty-color (0.4.3)
    tzinfo (1.2.10)
      thread_safe (~> 0.1)
    tzinfo-data (1.2018.9)
      tzinfo (>= 1.0.0)
    unicode-display_width (1.6.0)

PLATFORMS
  ruby

DEPENDENCIES
  activesupport (~> 5.2.1)
  awesome_print (~> 1.8.0)
  colorize (~> 0.8.1)
  ffi (~> 1.10.0)
  gli (~> 2.18.0)
  hirb (~> 0.7.3)
  light-service (~> 0.11.0)
  looksee (~> 4.1.0)
  mongo (~> 2.8.0)
  oj (~> 3.7.9)
  ox (~> 2.10.0)
  pastel (~> 0.7.2)
  pry (~> 0.12.2)
  pry-bond (~> 0.0.1)
  pry-byebug (~> 3.7.0)
  pry-clipboard (~> 0.1.1)
  pry-state (~> 0.1.10)
  rcsv (~> 0.3.1)
  rubocop (~> 0.70.0)
  rubocop-performance (~> 1.3.0)
  rufo (~> 0.7)
  rufus-scheduler (~> 3.6.0)
  settingslogic (~> 2.0.9)
  tzinfo (~> 1.2.10)
  tzinfo-data (~> 1.2018.7)

RUBY VERSION
   ruby 2.6.3p62

BUNDLED WITH
   2.0.1
