GEM
  remote: https://rubygems.org/
  specs:
    activesupport (5.2.2)
      concurrent-ruby (~> 1.0, >= 1.0.2)
      i18n (>= 0.7, < 2)
      minitest (~> 5.1)
      tzinfo (~> 1.1)
    awesome_print (1.8.0)
    bond (0.5.1)
    bson (4.4.2)
    byebug (10.0.2)
    clipboard (1.3.3)
    coderay (1.1.2)
    colorize (0.8.1)
    concurrent-ruby (1.1.4)
    equatable (0.5.0)
    et-orbi (1.1.7)
      tzinfo
    ffi (1.10.0)
    fugit (1.1.8)
      et-orbi (~> 1.1, >= 1.1.7)
      raabro (~> 1.1)
    gli (2.18.0)
    hirb (0.7.3)
    i18n (1.5.3)
      concurrent-ruby (~> 1.0)
    light-service (0.11.0)
      activesupport (>= 3.0)
    looksee (4.0.0)
    method_source (0.9.2)
    minitest (5.11.3)
    mongo (2.7.0)
      bson (>= 4.4.2, < 5.0.0)
    oj (3.7.8)
    ox (2.10.0)
    pastel (0.7.2)
      equatable (~> 0.5.0)
      tty-color (~> 0.4.0)
    pry (0.12.2)
      coderay (~> 1.1.0)
      method_source (~> 0.9.0)
    pry-bond (0.0.1)
      bond (~> 0.5)
      rb-readline (~> 0.5)
    pry-byebug (3.6.0)
      byebug (~> 10.0)
      pry (~> 0.10)
    pry-clipboard (0.1.1)
      clipboard
      pry
    pry-state (0.1.10)
      pry (~> 0.12.2)
    raabro (1.1.6)
    rb-readline (0.5.5)
    rcsv (0.3.1)
    rufus-scheduler (3.5.2)
      fugit (~> 1.1, >= 1.1.5)
    settingslogic (2.0.9)
    thread_safe (0.3.6)
    tty-color (0.4.3)
    tzinfo (1.2.5)
      thread_safe (~> 0.1)
    tzinfo-data (1.2018.9)
      tzinfo (>= 1.0.0)

PLATFORMS
  ruby

DEPENDENCIES
  activesupport (~> 5.2.1)
  awesome_print (~> 1.8.0)
  colorize (~> 0.8.1)
  ffi (~> 1.10.0)
  gli (~> 2.18.0)
  hirb (~> 0.7.3)
  light-service (~> 0.11.0)
  looksee (~> 4.0.0)
  mongo (~> 2.7.0)
  oj (~> 3.7.8)
  ox (~> 2.10.0)
  pastel (~> 0.7.2)
  pry (~> 0.12.2)
  pry-bond (~> 0.0.1)
  pry-byebug (~> 3.6.0)
  pry-clipboard (~> 0.1.1)
  pry-state (~> 0.1.10)
  rcsv (~> 0.3.1)
  rufus-scheduler (~> 3.5.2)
  settingslogic (~> 2.0.9)
  tzinfo (~> 1.2.5)
  tzinfo-data (~> 1.2018.7)

RUBY VERSION
   ruby 2.6.0p0

BUNDLED WITH
   2.0.1
